PATH
  remote: .
  specs:
    teneo-data_model (0.1.0)
      dotenv
      dry-configurable
      dry-struct
      dry-types
      method_source
      net-ftp
      pg
      sequel (~> 5.58)
      sequel-seed
      sequel_pg
      sequel_secure_password
      teneo-storage_driver
      teneo-tools

GEM
  remote: https://rubygems.org/
  specs:
    ast (2.4.2)
    awesome_print (1.9.2)
    bcrypt (3.1.18)
    concurrent-ruby (1.1.10)
    date (3.2.2)
    diff-lcs (1.5.0)
    dotenv (2.8.1)
    dry-configurable (0.15.0)
      concurrent-ruby (~> 1.0)
      dry-core (~> 0.6)
    dry-container (0.10.1)
      concurrent-ruby (~> 1.0)
    dry-core (0.8.1)
      concurrent-ruby (~> 1.0)
    dry-inflector (0.3.0)
    dry-logic (1.2.0)
      concurrent-ruby (~> 1.0)
      dry-core (~> 0.5, >= 0.5)
    dry-struct (1.4.0)
      dry-core (~> 0.5, >= 0.5)
      dry-types (~> 1.5)
      ice_nine (~> 0.11)
    dry-types (1.5.1)
      concurrent-ruby (~> 1.0)
      dry-container (~> 0.3)
      dry-core (~> 0.5, >= 0.5)
      dry-inflector (~> 0.1, >= 0.1.2)
      dry-logic (~> 1.0, >= 1.0.2)
    ice_nine (0.11.2)
    json (2.6.2)
    little-plugger (1.1.4)
    logging (2.3.1)
      little-plugger (~> 1.1)
      multi_json (~> 1.14)
    method_source (1.0.0)
    multi_json (1.15.0)
    net-ftp (0.1.3)
      net-protocol
      time
    net-protocol (0.1.3)
      timeout
    parallel (1.22.1)
    parser (3.1.2.0)
      ast (~> 2.4.1)
    pg (1.4.2)
    rainbow (3.1.1)
    rake (13.0.6)
    regexp_parser (2.5.0)
    rexml (3.2.5)
    rspec (3.11.0)
      rspec-core (~> 3.11.0)
      rspec-expectations (~> 3.11.0)
      rspec-mocks (~> 3.11.0)
    rspec-core (3.11.0)
      rspec-support (~> 3.11.0)
    rspec-expectations (3.11.0)
      diff-lcs (>= 1.2.0, < 2.0)
      rspec-support (~> 3.11.0)
    rspec-mocks (3.11.1)
      diff-lcs (>= 1.2.0, < 2.0)
      rspec-support (~> 3.11.0)
    rspec-support (3.11.0)
    rubocop (1.32.0)
      json (~> 2.3)
      parallel (~> 1.10)
      parser (>= 3.1.0.0)
      rainbow (>= 2.2.2, < 4.0)
      regexp_parser (>= 1.8, < 3.0)
      rexml (>= 3.2.5, < 4.0)
      rubocop-ast (>= 1.19.1, < 2.0)
      ruby-progressbar (~> 1.7)
      unicode-display_width (>= 1.4.0, < 3.0)
    rubocop-ast (1.19.1)
      parser (>= 3.1.1.0)
    rubocop-performance (1.14.3)
      rubocop (>= 1.7.0, < 2.0)
      rubocop-ast (>= 0.4.0)
    ruby-progressbar (1.11.0)
    sequel (5.58.0)
    sequel-seed (1.1.2)
      sequel (>= 4.49.0)
    sequel_pg (1.15.0)
      pg (>= 0.18.0, != 1.2.0)
      sequel (>= 4.38.0)
    sequel_secure_password (0.2.15)
      bcrypt (>= 3.1, < 4.0)
      sequel (>= 4.1.0, < 6.0)
    standard (1.14.0)
      rubocop (= 1.32.0)
      rubocop-performance (= 1.14.3)
    standardrb (1.0.1)
      standard
    teneo-storage_driver (1.0.1)
    teneo-tools (0.1.4)
      concurrent-ruby (~> 1.0)
      logging (~> 2.3.1)
    time (0.2.0)
      date
    timeout (0.3.0)
    unicode-display_width (2.2.0)

PLATFORMS
  x86_64-linux

DEPENDENCIES
  awesome_print
  rake (~> 13.0)
  rspec (~> 3.0)
  rubocop
  standardrb
  teneo-data_model!

BUNDLED WITH
   2.3.17
