PATH
  remote: .
  specs:
    teneo-data_model (0.1.0)
      dotenv
      dry-configurable
      dry-struct
      dry-types
      method_source
      net-ftp
      pg (~> 1.5)
      sequel (~> 5.76)
      sequel-seed (~> 1.1)
      sequel_pg (~> 1.17)

GEM
  remote: https://rubygems.org/
  specs:
    ast (2.4.2)
    awesome_print (1.9.2)
    bigdecimal (3.1.9)
    concurrent-ruby (1.3.5)
    date (3.4.1)
    diff-lcs (1.5.1)
    dotenv (3.1.7)
    dry-configurable (1.3.0)
      dry-core (~> 1.1)
      zeitwerk (~> 2.6)
    dry-core (1.1.0)
      concurrent-ruby (~> 1.0)
      logger
      zeitwerk (~> 2.6)
    dry-inflector (1.2.0)
    dry-logic (1.6.0)
      bigdecimal
      concurrent-ruby (~> 1.0)
      dry-core (~> 1.1)
      zeitwerk (~> 2.6)
    dry-struct (1.7.0)
      dry-core (~> 1.1)
      dry-types (~> 1.8)
      ice_nine (~> 0.11)
      zeitwerk (~> 2.6)
    dry-types (1.8.0)
      bigdecimal (~> 3.0)
      concurrent-ruby (~> 1.0)
      dry-core (~> 1.0)
      dry-inflector (~> 1.0)
      dry-logic (~> 1.4)
      zeitwerk (~> 2.6)
    ice_nine (0.11.2)
    json (2.9.1)
    language_server-protocol (3.17.0.3)
    logger (1.6.5)
    method_source (1.1.0)
    net-ftp (0.3.8)
      net-protocol
      time
    net-protocol (0.2.2)
      timeout
    parallel (1.26.3)
    parser (3.3.7.0)
      ast (~> 2.4.1)
      racc
    pg (1.5.9)
    prism (1.3.0)
    racc (1.8.1)
    rainbow (3.1.1)
    rake (13.2.1)
    rbs (3.8.1)
      logger
    regexp_parser (2.10.0)
    rspec (3.13.0)
      rspec-core (~> 3.13.0)
      rspec-expectations (~> 3.13.0)
      rspec-mocks (~> 3.13.0)
    rspec-core (3.13.2)
      rspec-support (~> 3.13.0)
    rspec-expectations (3.13.3)
      diff-lcs (>= 1.2.0, < 2.0)
      rspec-support (~> 3.13.0)
    rspec-mocks (3.13.2)
      diff-lcs (>= 1.2.0, < 2.0)
      rspec-support (~> 3.13.0)
    rspec-support (3.13.2)
    rubocop (1.70.0)
      json (~> 2.3)
      language_server-protocol (>= 3.17.0)
      parallel (~> 1.10)
      parser (>= 3.3.0.2)
      rainbow (>= 2.2.2, < 4.0)
      regexp_parser (>= 2.9.3, < 3.0)
      rubocop-ast (>= 1.36.2, < 2.0)
      ruby-progressbar (~> 1.7)
      unicode-display_width (>= 2.4.0, < 4.0)
    rubocop-ast (1.37.0)
      parser (>= 3.3.1.0)
    ruby-lsp (0.23.6)
      language_server-protocol (~> 3.17.0)
      prism (>= 1.2, < 2.0)
      rbs (>= 3, < 4)
      sorbet-runtime (>= 0.5.10782)
    ruby-progressbar (1.13.0)
    sequel (5.88.0)
      bigdecimal
    sequel-seed (1.1.2)
      sequel (>= 4.49.0)
    sequel_pg (1.17.1)
      pg (>= 0.18.0, != 1.2.0)
      sequel (>= 4.38.0)
    sorbet-runtime (0.5.11766)
    time (0.4.1)
      date
    timeout (0.4.3)
    unicode-display_width (3.1.4)
      unicode-emoji (~> 4.0, >= 4.0.4)
    unicode-emoji (4.0.4)
    zeitwerk (2.7.1)

PLATFORMS
  ruby
  x86_64-linux

DEPENDENCIES
  awesome_print
  rake (~> 13.0)
  rspec (~> 3.0)
  rubocop (~> 1.60)
  ruby-lsp (~> 0.13)
  teneo-data_model!

BUNDLED WITH
   2.5.22
